PATH
  remote: .
  specs:
    hello-world (1.0)

GEM
  remote: https://rubygems.org/
  specs:
    rake (13.0.1)
    rake-compiler (1.1.0)
      rake

PLATFORMS
  ruby

DEPENDENCIES
  hello-world!
  rake
  rake-compiler

BUNDLED WITH
   2.1.4
